GEM
  remote: http://rubygems.org/
  specs:
    abstract (1.0.0)
    actionmailer (3.0.7)
      actionpack (= 3.0.7)
      mail (~> 2.2.15)
    actionpack (3.0.7)
      activemodel (= 3.0.7)
      activesupport (= 3.0.7)
      builder (~> 2.1.2)
      erubis (~> 2.6.6)
      i18n (~> 0.5.0)
      rack (~> 1.2.1)
      rack-mount (~> 0.6.14)
      rack-test (~> 0.5.7)
      tzinfo (~> 0.3.23)
    activemodel (3.0.7)
      activesupport (= 3.0.7)
      builder (~> 2.1.2)
      i18n (~> 0.5.0)
    activerecord (3.0.7)
      activemodel (= 3.0.7)
      activesupport (= 3.0.7)
      arel (~> 2.0.2)
      tzinfo (~> 0.3.23)
    activeresource (3.0.7)
      activemodel (= 3.0.7)
      activesupport (= 3.0.7)
    activesupport (3.0.7)
    addressable (2.2.5)
    arel (2.0.9)
    autotest-growl (0.2.9)
    autotest-standalone (4.5.5)
    builder (2.1.2)
    capistrano (2.5.21)
      highline
      net-scp (>= 1.0.0)
      net-sftp (>= 2.0.0)
      net-ssh (>= 2.0.14)
      net-ssh-gateway (>= 1.0.0)
    carrierwave (0.5.3)
      activesupport (~> 3.0)
    daemons (1.1.3)
    em-websocket (0.2.1)
      addressable (>= 2.1.1)
      eventmachine (>= 0.12.9)
    erubis (2.6.6)
      abstract (>= 1.0.0)
    eventmachine (0.12.10)
    factory_girl (1.3.3)
    factory_girl_rails (1.0.1)
      factory_girl (~> 1.3)
      railties (>= 3.0.0)
    ffi (1.0.7)
      rake (>= 0.8.7)
    guard (0.3.4)
      thor (~> 0.14.6)
    guard-livereload (0.1.10)
      em-websocket (~> 0.2.0)
      guard (>= 0.2.2)
      json (~> 1.5.1)
    guard-sass (0.0.6)
      guard (>= 0.2.1)
      haml (~> 3.0.0)
    haml (3.0.25)
    high_voltage (0.9.4)
    highline (1.6.1)
    i18n (0.5.0)
    jeditable-rails (0.1.1)
    jquery-rails (0.2.7)
      rails (~> 3.0)
      thor (~> 0.14.4)
    json (1.5.1)
    mail (2.2.19)
      activesupport (>= 2.3.6)
      i18n (>= 0.4.0)
      mime-types (~> 1.16)
      treetop (~> 1.4.8)
    mime-types (1.16)
    mini_magick (3.2.1)
      subexec (~> 0.0.4)
    mocha (0.9.12)
    mynyml-redgreen (0.7.1)
      term-ansicolor (>= 1.0.4)
    mysql2 (0.2.7)
    net-scp (1.0.4)
      net-ssh (>= 1.99.1)
    net-sftp (2.0.5)
      net-ssh (>= 2.0.9)
    net-ssh (2.1.4)
    net-ssh-gateway (1.1.0)
      net-ssh (>= 1.99.1)
    polyglot (0.3.1)
    rack (1.2.2)
    rack-mount (0.6.14)
      rack (>= 1.0.0)
    rack-test (0.5.7)
      rack (>= 1.0)
    rails (3.0.7)
      actionmailer (= 3.0.7)
      actionpack (= 3.0.7)
      activerecord (= 3.0.7)
      activeresource (= 3.0.7)
      activesupport (= 3.0.7)
      bundler (~> 1.0)
      railties (= 3.0.7)
    rails3-jquery-autocomplete (0.7.0)
      rails (~> 3.0.0)
      yajl-ruby
    railties (3.0.7)
      actionpack (= 3.0.7)
      activesupport (= 3.0.7)
      rake (>= 0.8.7)
      thor (~> 0.14.4)
    rake (0.8.7)
    rb-inotify (0.8.4)
      ffi (>= 0.5.0)
    russian (0.2.7)
    sass (3.1.1)
    simple_form (1.3.1)
    subexec (0.0.4)
    term-ansicolor (1.0.5)
    thin (1.2.11)
      daemons (>= 1.0.9)
      eventmachine (>= 0.12.6)
      rack (>= 1.0.0)
    thor (0.14.6)
    treetop (1.4.9)
      polyglot (>= 0.3.1)
    tzinfo (0.3.27)
    unicode (0.4.0)
    yajl-ruby (0.8.2)

PLATFORMS
  ruby

DEPENDENCIES
  autotest-growl
  autotest-standalone
  capistrano
  carrierwave
  factory_girl_rails
  guard-livereload
  guard-sass
  high_voltage
  jeditable-rails
  jquery-rails (~> 0.2)
  mini_magick
  mocha
  mynyml-redgreen
  mysql2 (= 0.2.7)
  rails (= 3.0.7)
  rails3-jquery-autocomplete
  rb-inotify
  russian
  sass
  simple_form
  thin
  unicode
